ObjectType = Image
NDims = 3
BinaryData = True
BinaryDataByteOrderMSB = False
CompressedData = True
CompressedDataSize = 11440406
TransformMatrix = 1 0 0 0 1 0 0 0 1
Offset = 0 0 0
CenterOfRotation = 0 0 0
ElementSpacing = 0.212 0.212 0.80597
DimSize = 820 502 155
AnatomicalOrientation = ???
ElementType = MET_UCHAR
ElementDataFile = inputImage.zraw
